GEM
  remote: http://rubygems.org/
  specs:
    activesupport (3.0.0)
    i18n (0.6.0)
    minitest (2.12.1)
    rake (0.9.2.2)

PLATFORMS
  ruby

DEPENDENCIES
  activesupport
  i18n
  minitest
  rake
